PATH
  remote: .
  specs:
    with_action (1.0.0)
      actionpack
      activesupport

GEM
  remote: http://rubygems.org/
  specs:
    abstract (1.0.0)
    actionpack (~> 3.0.7)
      activemodel (~> 3.0.7)
      activesupport (~> 3.0.7)
      builder (~> 2.1.2)
      erubis (~> 2.6.6)
      i18n (~> 0.4.1)
      rack (~> 1.2.1)
      rack-mount (~> 0.6.12)
      rack-test (~> 0.5.4)
      tzinfo (~> 0.3.23)
    activemodel (~> 3.0.7)
      activesupport (~> 3.0.7)
      builder (~> 2.1.2)
      i18n (~> 0.4.1)
    activesupport (3.0.1)
    builder (2.1.2)
    erubis (2.6.6)
      abstract (>= 1.0.0)
    i18n (~> 0.4.1)
    mocha (0.9.9)
      rake
    rack (1.2.1)
    rack-mount (~> 0.6.13)
      rack (>= 1.0.0)
    rack-test (0.5.6)
      rack (>= 1.0)
    rake (0.8.7)
    tzinfo (0.3.23)

PLATFORMS
  ruby

DEPENDENCIES
  actionpack
  activesupport
  bundler (>= 1.0.0)
  mocha
  with_action!
